GEM
  remote: http://rubygems.org/
  specs:
    awesome_print (1.0.2)
    backports (2.3.0)
    coderay (1.0.5)
    daemons (1.1.4)
    eventmachine (0.12.10)
    faker (0.9.5)
      i18n (~> 0.4)
    hashie (1.2.0)
    i18n (0.6.0)
    json (1.6.1)
    method_source (0.7.0)
    multi_json (1.0.3)
    pry (0.9.8.2)
      coderay (~> 1.0.5)
      method_source (~> 0.7)
      slop (>= 2.4.4, < 3)
    rack (1.3.5)
    rack-protection (1.1.2)
      rack
    rack-test (0.6.1)
      rack (>= 1.0)
    redis (2.2.2)
    sinatra (1.3.0)
      rack (~> 1.3)
      rack-protection (~> 1.1)
      tilt (~> 1.3)
    sinatra-contrib (1.3.1)
      backports (>= 2.0)
      eventmachine
      rack-protection
      rack-test
      sinatra (~> 1.3.0)
      tilt (~> 1.3)
    slim (1.1.0)
      temple (~> 0.3.5)
      tilt (~> 1.3.2)
    slop (2.4.4)
    temple (0.3.5)
    thin (1.2.11)
      daemons (>= 1.0.9)
      eventmachine (>= 0.12.6)
      rack (>= 1.0.0)
    tilt (1.3.3)

PLATFORMS
  ruby

DEPENDENCIES
  awesome_print
  faker
  hashie
  json
  multi_json
  pry
  redis
  sinatra
  sinatra-contrib
  slim
  thin
