GEM
  remote: http://rubygems.org/
  specs:
    backports (2.3.0)
    coderay (1.0.5)
    daemons (1.1.4)
    diff-lcs (1.1.3)
    eventmachine (0.12.10)
    json (1.6.1)
    method_source (0.7.0)
    multi_json (1.0.3)
    nest (1.1.0)
      redis (~> 2.1)
    ohm (0.1.3)
      nest (~> 1.0)
    pry (0.9.8.2)
      coderay (~> 1.0.5)
      method_source (~> 0.7)
      slop (>= 2.4.4, < 3)
    rack (1.3.5)
    rack-protection (1.1.2)
      rack
    rack-test (0.6.1)
      rack (>= 1.0)
    rdiscount (1.6.8)
    redis (2.2.2)
    redis-namespace (1.1.0)
      redis (< 3.0.0)
    rspec (2.8.0)
      rspec-core (~> 2.8.0)
      rspec-expectations (~> 2.8.0)
      rspec-mocks (~> 2.8.0)
    rspec-core (2.8.0)
    rspec-expectations (2.8.0)
      diff-lcs (~> 1.1.2)
    rspec-mocks (2.8.0)
    sinatra (1.3.0)
      rack (~> 1.3)
      rack-protection (~> 1.1)
      tilt (~> 1.3)
    sinatra-contrib (1.3.1)
      backports (>= 2.0)
      eventmachine
      rack-protection
      rack-test
      sinatra (~> 1.3.0)
      tilt (~> 1.3)
    slim (1.1.0)
      temple (~> 0.3.5)
      tilt (~> 1.3.2)
    slop (2.4.4)
    temple (0.3.5)
    thin (1.2.11)
      daemons (>= 1.0.9)
      eventmachine (>= 0.12.6)
      rack (>= 1.0.0)
    tilt (1.3.3)

PLATFORMS
  ruby

DEPENDENCIES
  json
  multi_json
  ohm
  pry
  rdiscount
  redis
  redis-namespace
  rspec
  sinatra
  sinatra-contrib
  slim
  thin
